PATH
  remote: .
  specs:
    metadata-checker (0.0.1)
      nokogiri (~> 1.6)
      sensu-plugin (~> 1.1)

GEM
  remote: https://rubygems.org/
  specs:
    aruba (0.6.2)
      childprocess (>= 0.3.6)
      cucumber (>= 1.1.1)
      rspec-expectations (>= 2.7.0)
    builder (3.2.2)
    childprocess (0.5.6)
      ffi (~> 1.0, >= 1.0.11)
    ci_reporter (2.0.0)
      builder (>= 2.1.2)
    ci_reporter_cucumber (1.0.0)
      ci_reporter (~> 2.0)
      cucumber (~> 1.3.3)
    ci_reporter_rspec (1.0.0)
      ci_reporter (~> 2.0)
      rspec (>= 2.14, < 4)
    cucumber (1.3.19)
      builder (>= 2.1.2)
      diff-lcs (>= 1.1.3)
      gherkin (~> 2.12)
      multi_json (>= 1.7.5, < 2.0)
      multi_test (>= 0.1.2)
    dependo (0.2)
    diff-lcs (1.2.5)
    ffi (1.9.8)
    gherkin (2.12.2)
      multi_json (~> 1.3)
    json (1.8.3)
    mini_portile (0.6.2)
    mixlib-cli (1.5.0)
    multi_json (1.11.1)
    multi_test (0.1.2)
    nokogiri (1.6.6.2)
      mini_portile (~> 0.6.0)
    r509 (0.10.0)
    r509-ocsp-responder (0.3.3)
      dependo
      r509
      r509-validity-redis (~> 0.4.0)
      redis
      sinatra
    r509-validity-redis (0.4.2)
      r509
      rake
      redis
    rack (1.6.2)
    rack-protection (1.5.3)
      rack
    rake (10.4.2)
    redis (3.2.1)
    rspec (3.3.0)
      rspec-core (~> 3.3.0)
      rspec-expectations (~> 3.3.0)
      rspec-mocks (~> 3.3.0)
    rspec-core (3.3.0)
      rspec-support (~> 3.3.0)
    rspec-expectations (3.3.0)
      diff-lcs (>= 1.2.0, < 2.0)
      rspec-support (~> 3.3.0)
    rspec-mocks (3.3.0)
      diff-lcs (>= 1.2.0, < 2.0)
      rspec-support (~> 3.3.0)
    rspec-support (3.3.0)
    sensu-plugin (1.1.0)
      json
      mixlib-cli (>= 1.1.0)
    signer (1.4.2)
      nokogiri (>= 1.5.1)
    sinatra (1.4.6)
      rack (~> 1.4)
      rack-protection (~> 1.4)
      tilt (>= 1.3, < 3)
    tilt (2.0.1)

PLATFORMS
  ruby

DEPENDENCIES
  aruba
  bundler (~> 1.7)
  ci_reporter
  ci_reporter_cucumber
  ci_reporter_rspec
  cucumber (~> 1.3)
  metadata-checker!
  r509-ocsp-responder (~> 0.3)
  rake (~> 10.0)
  rspec (~> 3.3)
  signer (~> 1.4)
